GEM
  remote: https://rubygems.org/
  specs:
    backports (3.1.0)
    eventmachine (1.0.1)
    haml (3.1.1)
    hike (1.2.1)
    multi_json (1.6.1)
    rack (1.4.5)
    rack-protection (1.4.0)
      rack
    rack-test (0.6.2)
      rack (>= 1.0)
    sinatra (1.3.5)
      rack (~> 1.4)
      rack-protection (~> 1.3)
      tilt (~> 1.3, >= 1.3.3)
    sinatra-contrib (1.3.2)
      backports (>= 2.0)
      eventmachine
      rack-protection
      rack-test
      sinatra (~> 1.3.0)
      tilt (~> 1.3)
    sprockets (2.5.0)
      hike (~> 1.2)
      multi_json (~> 1.0)
      rack (~> 1.0)
      tilt (~> 1.1, != 1.3.0)
    tilt (1.3.4)

PLATFORMS
  ruby

DEPENDENCIES
  haml
  sinatra
  sinatra-contrib
  sprockets
